PATH
  remote: .
  specs:
    kele (0.0.1)
      httparty (~> 0.13)

GEM
  remote: https://rubygems.org/
  specs:
    httparty (0.15.6)
      multi_xml (>= 0.5.2)
    json (2.1.0)
    multi_xml (0.6.0)

PLATFORMS
  ruby

DEPENDENCIES
  httparty
  json
  kele!

BUNDLED WITH
   1.16.0
